GEM
  remote: https://rubygems.org/
  specs:
    bindata (1.5.1)
    bourbon (3.1.8)
      sass (>= 3.2.0)
      thor
    chunky_png (1.2.8)
    erubis (2.7.0)
    execjs (2.0.0)
    hashie (2.0.5)
    multi_json (1.7.9)
    neat (1.3.0)
      bourbon (>= 2.1)
      sass (>= 3.2)
    psd (0.4.1)
      bindata
      chunky_png
      psd-enginedata
    psd-enginedata (0.2.3)
      hashie (~> 2.0)
    puma (2.5.1)
      rack (>= 1.1, < 2.0)
    rack (1.5.2)
    rack-protection (1.5.0)
      rack
    sass (3.2.10)
    shotgun (0.9)
      rack (>= 1.0)
    sinatra (1.4.3)
      rack (~> 1.4)
      rack-protection (~> 1.4)
      tilt (~> 1.3, >= 1.3.4)
    thor (0.18.1)
    tilt (1.4.1)
    uglifier (2.1.2)
      execjs (>= 0.3.0)
      multi_json (~> 1.0, >= 1.0.2)

PLATFORMS
  ruby

DEPENDENCIES
  bourbon
  erubis
  neat
  psd
  puma
  sass
  shotgun
  sinatra
  uglifier
