GEM
  remote: https://rubygems.org/
  specs:
    bindata (1.6.0)
    bourbon (3.1.8)
      sass (>= 3.2.0)
      thor
    chunky_png (1.2.8)
    hashie (2.0.5)
    neat (1.4.0)
      bourbon (>= 2.1)
      sass (>= 3.2)
    oily_png (1.1.0)
      chunky_png (~> 1.2.7)
    psd (1.1.1)
      bindata
      oily_png
      psd-enginedata (~> 1.0)
    psd-enginedata (1.0.0)
      hashie (~> 2.0)
    puma (2.5.1)
      rack (>= 1.1, < 2.0)
    rack (1.5.2)
    rack-protection (1.5.0)
      rack
    sass (3.2.10)
    shotgun (0.9)
      rack (>= 1.0)
    sinatra (1.4.3)
      rack (~> 1.4)
      rack-protection (~> 1.4)
      tilt (~> 1.3, >= 1.3.4)
    thor (0.18.1)
    tilt (1.4.1)

PLATFORMS
  ruby

DEPENDENCIES
  bourbon
  neat
  psd
  puma
  shotgun
  sinatra
