GEM
  remote: https://rubygems.org/
  specs:
    bindata (1.5.0)
    bourbon (3.1.8)
      sass (>= 3.2.0)
      thor
    chunky_png (1.2.8)
    hashie (2.0.5)
    hike (1.2.3)
    multi_json (1.7.8)
    psd (0.4.1)
      bindata
      chunky_png
      psd-enginedata
    psd-enginedata (0.2.3)
      hashie (~> 2.0)
    puma (2.5.0)
      rack (>= 1.1, < 2.0)
    rack (1.5.2)
    rack-protection (1.5.0)
      rack
    sass (3.2.10)
    shotgun (0.9)
      rack (>= 1.0)
    sinatra (1.4.3)
      rack (~> 1.4)
      rack-protection (~> 1.4)
      tilt (~> 1.3, >= 1.3.4)
    sprockets (2.10.0)
      hike (~> 1.2)
      multi_json (~> 1.0)
      rack (~> 1.0)
      tilt (~> 1.1, != 1.3.0)
    sprockets-sass (1.0.1)
      sprockets (~> 2.0)
      tilt (~> 1.1)
    thor (0.18.1)
    tilt (1.4.1)

PLATFORMS
  ruby

DEPENDENCIES
  bourbon
  psd
  puma
  sass
  shotgun
  sinatra
  sprockets
  sprockets-sass
